GEM
  remote: https://rubygems.org/
  specs:
    archive-zip (0.11.0)
      io-like (~> 0.3.0)
    cloudwalk_handshake (0.12.0)
    da_funk (1.5.0)
      archive-zip (~> 0.5)
      bundler
      cloudwalk_handshake
      funky-emv
      posxml_parser
      rake
    funky-emv (0.16.2)
      funky-tlv (~> 0.2)
    funky-tlv (0.2.3)
    io-like (0.3.0)
    posxml_parser (1.2.2)
      funky-emv (~> 0.3)
    rake (12.3.3)

PLATFORMS
  ruby

DEPENDENCIES
  da_funk
  rake

BUNDLED WITH
   1.16.1
